GEM
  remote: https://rubygems.org/
  specs:
    tomlrb (1.2.5)

PLATFORMS
  ruby

DEPENDENCIES
  tomlrb

BUNDLED WITH
   1.15.4
